GEM
  remote: https://rubygems.org/
  specs:
    haml (3.1.7)
    sass (3.2.1)

PLATFORMS
  ruby

DEPENDENCIES
  haml (= 3.1.7)
  sass (= 3.2.1)
