PATH
  remote: .
  specs:
    midwife (0.0.8)
      chunky_png (= 1.2.6)
      haml (= 3.1.7)
      listen (= 0.5.3)
      rack (= 1.4.1)
      rack-contrib (= 1.1.0)
      rake (= 0.9.2.2)
      rb-fsevent (~> 0.9.1)
      sass (= 3.2.1)
      uglifier (= 1.3.0)

GEM
  remote: https://rubygems.org/
  specs:
    chunky_png (1.2.6)
    execjs (1.4.0)
      multi_json (~> 1.0)
    haml (3.1.7)
    listen (0.5.3)
    multi_json (1.3.6)
    rack (1.4.1)
    rack-contrib (1.1.0)
      rack (>= 0.9.1)
    rake (0.9.2.2)
    rb-fsevent (0.9.2)
    sass (3.2.1)
    uglifier (1.3.0)
      execjs (>= 0.3.0)
      multi_json (~> 1.0, >= 1.0.2)

PLATFORMS
  ruby

DEPENDENCIES
  midwife!
