PATH
  remote: .
  specs:
    midwife (0.0.6)
      haml (= 3.1.7)
      listen (= 0.5.3)
      rack (= 1.4.1)
      rack-contrib (= 1.1.0)
      rake (= 0.9.2.2)
      rb-fsevent (~> 0.9.1)
      sass (= 3.2.1)

GEM
  remote: https://rubygems.org/
  specs:
    haml (3.1.7)
    listen (0.5.3)
    rack (1.4.1)
    rack-contrib (1.1.0)
      rack (>= 0.9.1)
    rake (0.9.2.2)
    rb-fsevent (0.9.2)
    sass (3.2.1)

PLATFORMS
  ruby

DEPENDENCIES
  midwife!
