PATH
  remote: .
  specs:
    midwife (0.0.1)
      haml (= 3.1.7)
      listen (= 0.5.3)
      rake (= 0.9.2.2)
      rb-fsevent (~> 0.9.1)
      sass (= 3.2.1)

GEM
  remote: https://rubygems.org/
  specs:
    haml (3.1.7)
    listen (0.5.3)
    rake (0.9.2.2)
    rb-fsevent (0.9.2)
    sass (3.2.1)

PLATFORMS
  ruby

DEPENDENCIES
  midwife!
